GEM
  remote: https://rubygems.org/
  specs:
    advent_of_code_cli (0.1.7)
      thor (>= 1.2.0)
    attr_extras (7.1.0)
    colorize (1.1.0)
    diff-lcs (1.5.0)
    optimist (3.1.0)
    patience_diff (1.2.0)
      optimist (~> 3.0)
    pqueue (2.1.0)
    rspec (3.12.0)
      rspec-core (~> 3.12.0)
      rspec-expectations (~> 3.12.0)
      rspec-mocks (~> 3.12.0)
    rspec-core (3.12.2)
      rspec-support (~> 3.12.0)
    rspec-expectations (3.12.3)
      diff-lcs (>= 1.2.0, < 2.0)
      rspec-support (~> 3.12.0)
    rspec-mocks (3.12.6)
      diff-lcs (>= 1.2.0, < 2.0)
      rspec-support (~> 3.12.0)
    rspec-support (3.12.1)
    ruby-progressbar (1.13.0)
    set (1.0.3)
    super_diff (0.10.0)
      attr_extras (>= 6.2.4)
      diff-lcs
      patience_diff
    thor (1.3.0)

PLATFORMS
  arm64-darwin-23

DEPENDENCIES
  advent_of_code_cli
  colorize
  pqueue
  rspec
  ruby-progressbar
  set
  super_diff

RUBY VERSION
   ruby 3.3.0.preview2

BUNDLED WITH
   2.4.19
